PATH
  remote: .
  specs:
    multi_git (0.0.1)

GEM
  remote: https://rubygems.org/
  specs:
    backports (3.3.4)
    coveralls (0.7.0)
      multi_json (~> 1.3)
      rest-client
      simplecov (>= 0.7)
      term-ansicolor
      thor
    descendants_tracker (0.0.1)
    diff-lcs (1.2.4)
    jbundler (0.5.3)
      bundler (~> 1.2)
      ruby-maven (>= 3.1.0.0.1, < 3.1.1)
    kramdown (1.2.0)
    maven-tools (0.33.3)
      virtus (~> 0.5)
    mime-types (1.25)
    multi_json (1.8.0)
    rake (10.1.0)
    rest-client (1.6.7)
      mime-types (>= 1.16)
    rspec (2.14.1)
      rspec-core (~> 2.14.0)
      rspec-expectations (~> 2.14.0)
      rspec-mocks (~> 2.14.0)
    rspec-core (2.14.5)
    rspec-expectations (2.14.3)
      diff-lcs (>= 1.1.3, < 2.0)
    rspec-mocks (2.14.3)
    ruby-maven (3.1.0.0.1)
      maven-tools (~> 0.33)
      ruby-maven-libs (= 3.1.0)
    ruby-maven-libs (3.1.0)
    rugged (0.19.0)
    simplecov (0.7.1)
      multi_json (~> 1.0)
      simplecov-html (~> 0.7.1)
    simplecov-html (0.7.1)
    term-ansicolor (1.2.2)
      tins (~> 0.8)
    thor (0.18.1)
    tins (0.11.0)
    virtus (0.5.5)
      backports (~> 3.3)
      descendants_tracker (~> 0.0.1)
    yard (0.8.7.2)

PLATFORMS
  java
  ruby

DEPENDENCIES
  coveralls
  jbundler
  kramdown
  multi_git!
  rake
  rspec
  rugged (>= 0.18.0.b1)
  simplecov
  yard
