PATH
  remote: .
  specs:
    multi_git (0.0.1.alpha1)

GEM
  remote: https://rubygems.org/
  specs:
    colorize (0.5.8)
    coveralls (0.6.3)
      colorize
      multi_json (~> 1.3)
      rest-client
      simplecov (>= 0.7)
      thor
    diff-lcs (1.2.1)
    jbundler (0.4.1)
      maven-tools (~> 0.32.1)
      ruby-maven (~> 3.0.4)
    maven-tools (0.32.4)
    mime-types (1.21)
    multi_json (1.7.2)
    rake (10.0.3)
    rest-client (1.6.7)
      mime-types (>= 1.16)
    rspec (2.13.0)
      rspec-core (~> 2.13.0)
      rspec-expectations (~> 2.13.0)
      rspec-mocks (~> 2.13.0)
    rspec-core (2.13.1)
    rspec-expectations (2.13.0)
      diff-lcs (>= 1.1.3, < 2.0)
    rspec-mocks (2.13.0)
    ruby-maven (3.0.4.1.4)
      maven-tools (~> 0.32.3)
      thor (>= 0.14.6, < 2.0)
    rugged (0.17.0.b7)
    simplecov (0.7.1)
      multi_json (~> 1.0)
      simplecov-html (~> 0.7.1)
    simplecov-html (0.7.1)
    thor (0.17.0)

PLATFORMS
  java
  ruby

DEPENDENCIES
  coveralls
  jbundler
  multi_git!
  rake
  rspec
  rugged (>= 0.17.0.b7)
  simplecov
