GIT
  remote: git://github.com/libgit2/rugged.git
  revision: 0027bb11e1fb5a4920c10fe93dc5bb4b027e8303
  branch: development
  submodules: true
  specs:
    rugged (0.18.0.b1)

PATH
  remote: .
  specs:
    multi_git (0.0.1.beta1)

GEM
  remote: https://rubygems.org/
  specs:
    colorize (0.5.8)
    coveralls (0.6.7)
      colorize
      multi_json (~> 1.3)
      rest-client
      simplecov (>= 0.7)
      thor
    diff-lcs (1.2.4)
    jbundler (0.4.2)
      maven-tools (~> 0.32.1)
      ruby-maven (~> 3.0.4)
    kramdown (1.0.2)
    maven-tools (0.32.4)
    mime-types (1.23)
    multi_json (1.7.6)
    rake (10.0.4)
    rest-client (1.6.7)
      mime-types (>= 1.16)
    rspec (2.13.0)
      rspec-core (~> 2.13.0)
      rspec-expectations (~> 2.13.0)
      rspec-mocks (~> 2.13.0)
    rspec-core (2.13.1)
    rspec-expectations (2.13.0)
      diff-lcs (>= 1.1.3, < 2.0)
    rspec-mocks (2.13.1)
    ruby-maven (3.0.4.1.4)
      maven-tools (~> 0.32.3)
      thor (>= 0.14.6, < 2.0)
    simplecov (0.7.1)
      multi_json (~> 1.0)
      simplecov-html (~> 0.7.1)
    simplecov-html (0.7.1)
    thor (0.18.1)
    yard (0.8.6.1)

PLATFORMS
  java
  ruby

DEPENDENCIES
  coveralls
  jbundler
  kramdown
  multi_git!
  rake
  rspec
  rugged (>= 0.18.0.b1)!
  simplecov
  yard
